PATH
  remote: .
  specs:
    jira-cards (0.0.1)
      highline
      oauth
      prawn
      rest-client
      thor

GEM
  remote: https://rubygems.org/
  specs:
    Ascii85 (1.0.2)
    afm (0.2.0)
    diff-lcs (1.2.5)
    hashery (2.1.1)
    highline (1.6.20)
    mime-types (2.0)
    oauth (0.4.7)
    pdf-reader (1.3.3)
      Ascii85 (~> 1.0.0)
      afm (~> 0.2.0)
      hashery (~> 2.0)
      ruby-rc4
      ttfunk
    prawn (0.12.0)
      pdf-reader (>= 0.9.0)
      ttfunk (~> 1.0.2)
    rake (10.1.0)
    rest-client (1.6.7)
      mime-types (>= 1.16)
    rspec (2.14.1)
      rspec-core (~> 2.14.0)
      rspec-expectations (~> 2.14.0)
      rspec-mocks (~> 2.14.0)
    rspec-core (2.14.7)
    rspec-expectations (2.14.4)
      diff-lcs (>= 1.1.3, < 2.0)
    rspec-mocks (2.14.4)
    ruby-rc4 (0.1.5)
    thor (0.18.1)
    ttfunk (1.0.3)

PLATFORMS
  ruby

DEPENDENCIES
  bundler (~> 1.3)
  jira-cards!
  rake
  rspec
